PATH
  remote: .
  specs:
    visage-app (2.1.0)
      errand (= 0.7.3)
      haml (= 3.1.4)
      rrd-ffi (= 0.2.12)
      sinatra (= 1.3.2)
      tilt (= 1.3.3)
      yajl-ruby (= 1.1.0)

GEM
  remote: http://rubygems.org/
  specs:
    activesupport (3.2.8)
      i18n (~> 0.6)
      multi_json (~> 1.0)
    builder (3.0.0)
    colorize (0.5.8)
    cucumber (1.1.9)
      builder (>= 2.1.2)
      diff-lcs (>= 1.1.2)
      gherkin (~> 2.9.0)
      json (>= 1.4.6)
      term-ansicolor (>= 1.0.6)
    diff-lcs (1.1.3)
    errand (0.7.3)
    ffi (1.1.5)
    gherkin (2.9.1)
      json (>= 1.4.6)
    haml (3.1.4)
    i18n (0.6.1)
    json (1.6.5)
    multi_json (1.3.6)
    nokogiri (1.5.2)
    rack (1.4.1)
    rack-protection (1.2.0)
      rack
    rack-test (0.6.1)
      rack (>= 1.0)
    rrd-ffi (0.2.12)
      activesupport
      ffi
    rspec (2.9.0)
      rspec-core (~> 2.9.0)
      rspec-expectations (~> 2.9.0)
      rspec-mocks (~> 2.9.0)
    rspec-core (2.9.0)
    rspec-expectations (2.9.0)
      diff-lcs (~> 1.1.3)
    rspec-mocks (2.9.0)
    shotgun (0.9)
      rack (>= 1.0)
    sinatra (1.3.2)
      rack (~> 1.3, >= 1.3.6)
      rack-protection (~> 1.2)
      tilt (~> 1.3, >= 1.3.3)
    term-ansicolor (1.0.7)
    tilt (1.3.3)
    webrat (0.7.3)
      nokogiri (>= 1.2.0)
      rack (>= 1.0)
      rack-test (>= 0.5.3)
    yajl-ruby (1.1.0)

PLATFORMS
  ruby

DEPENDENCIES
  colorize
  cucumber
  rack-test
  rspec
  shotgun
  visage-app!
  webrat
